GEM
  remote: https://rubygems.org/
  specs:
    addressable (2.3.8)
    json (1.8.6)
    mime-types (1.25.1)
    rest-client (1.6.9)
      mime-types (~> 1.16)
    rubyzip (1.1.7)
    unirest (1.1.2)
      addressable (~> 2.3.5)
      json (~> 1.8.1)
      rest-client (~> 1.6.7)

PLATFORMS
  ruby

DEPENDENCIES
  rubyzip (>= 1.0.0)
  unirest

BUNDLED WITH
   1.14.3
